PATH
  remote: .
  specs:
    quacky (0.2.3)
      activesupport (~> 3.2.5)

GEM
  remote: http://rubygems.org/
  specs:
    activesupport (3.2.6)
      i18n (~> 0.6)
      multi_json (~> 1.0)
    builder (3.0.0)
    cucumber (1.2.0)
      builder (>= 2.1.2)
      diff-lcs (>= 1.1.3)
      gherkin (~> 2.10.0)
      json (>= 1.4.6)
    diff-lcs (1.1.3)
    gherkin (2.10.0)
      json (>= 1.4.6)
    gitdown (0.0.2)
    hook (0.1.0)
      method_decorators (~> 0.9.0)
    i18n (0.6.0)
    json (1.7.3)
    method_decorators (0.9.1)
    multi_json (1.3.6)
    rake (0.9.2.2)
    rspec (2.10.0)
      rspec-core (~> 2.10.0)
      rspec-expectations (~> 2.10.0)
      rspec-mocks (~> 2.10.0)
    rspec-core (2.10.1)
    rspec-expectations (2.10.0)
      diff-lcs (~> 1.1.3)
    rspec-mocks (2.10.1)
    specdown (0.5.1)
      gitdown (~> 0.0.2)
      hook (~> 0.1.0)
      term-ansicolor (~> 1.0.7)
    term-ansicolor (1.0.7)

PLATFORMS
  ruby

DEPENDENCIES
  cucumber
  quacky!
  rake
  rspec
  specdown
